GEM
  remote: https://rubygems.org/
  specs:
    airbrussh (1.3.0)
      sshkit (>= 1.6.1, != 1.7.0)
    capistrano (3.11.0)
      airbrussh (>= 1.0.0)
      i18n
      rake (>= 10.0.0)
      sshkit (>= 1.9.0)
    capistrano-deploy_hooks (0.1.1)
      capistrano (>= 3.3.0)
    capistrano-safe-deploy-to (1.1.1)
      capistrano (>= 3.0)
    capistrano-ssh-doctor (1.0.0)
      capistrano (>= 3.1)
    capistrano-wal-e (0.1.2)
      capistrano (>= 3.1)
      sshkit (>= 1.2.0)
    concurrent-ruby (1.0.5)
    dotenv (2.5.0)
    highline (2.0.0)
    i18n (1.1.0)
      concurrent-ruby (~> 1.0)
    net-scp (1.2.1)
      net-ssh (>= 2.6.5)
    net-ssh (5.0.2)
    rake (12.3.1)
    sshkit (1.17.0)
      net-scp (>= 1.1.2)
      net-ssh (>= 2.8.0)
    sshkit-sudo (0.1.0)
      sshkit (~> 1.8)

PLATFORMS
  ruby

DEPENDENCIES
  capistrano
  capistrano-deploy_hooks
  capistrano-safe-deploy-to
  capistrano-ssh-doctor
  capistrano-wal-e
  dotenv
  highline
  sshkit-sudo

BUNDLED WITH
   1.16.1
